GEM
  remote: https://rubygems.org/
  specs:
    gerry (0.1.5)
      httparty
    httparty (0.18.0)
      mime-types (~> 3.0)
      multi_xml (>= 0.5.2)
    mime-types (3.3.1)
      mime-types-data (~> 3.2015)
    mime-types-data (3.2020.0425)
    multi_xml (0.6.0)

PLATFORMS
  ruby
  x64-mingw32

DEPENDENCIES
  gerry (>= 0.1.2)

BUNDLED WITH
   1.17.3
